GEM
  remote: http://rubygems.org/
  specs:
    crack (0.1.8)
    httparty (0.7.8)
      crack (= 0.1.8)
    nokogiri (1.5.0)

PLATFORMS
  ruby

DEPENDENCIES
  httparty
  nokogiri
