GEM
  remote: http://rubygems.org/
  specs:
    OptionParser (0.5.1)
    builder (3.0.0)
    commonwatir (1.9.1)
      user-choices
    crack (0.1.8)
    firewatir (1.9.1)
      commonwatir (= 1.9.1)
    hoe (2.10.0)
      rake (~> 0.8)
    httparty (0.7.8)
      crack (= 0.1.8)
    nokogiri (1.5.0)
    rake (0.9.2)
    s4t-utils (1.0.4)
      hoe (>= 1.3.0)
    user-choices (1.1.6.1)
      builder (>= 2.1.2)
      s4t-utils (>= 1.0.3)
      xml-simple (>= 1.0.11)
    xml-simple (1.1.0)

PLATFORMS
  ruby

DEPENDENCIES
  OptionParser
  firewatir
  httparty
  nokogiri
